ObjectType = Image
NDims = 3
BinaryData = True
BinaryDataByteOrderMSB = False
CompressedData = False
TransformMatrix = 1 0 0 0 1 0 0 0 1
Offset = 5e-12 5e-12 1e-11
CenterOfRotation = 0 0 0
ElementSpacing = 1 1 1
DimSize = 200 200 100
AnatomicalOrientation = ???
ElementType = MET_FLOAT
ElementDataFile = DAMW1x-Dose.raw
